GIT
  remote: git://github.com/Shopify/active_shipping
  revision: cb480fa705ef8d0dfb0e1900be0cdedeb5cfd85b
  specs:
    active_shipping (0.11.0)
      active_utils (>= 1.0.1)
      activesupport (>= 2.3.5)
      builder
      i18n
      json (>= 1.5.1)

GIT
  remote: git://github.com/spree/spree_active_shipping
  revision: 25b8ebef84970f46937ee8503c1ebc9c853c2968
  branch: 2-1-stable
  specs:
    spree_active_shipping (2.1.0)
      active_shipping (~> 0.11.0)
      spree_core (~> 2.1.0)

GIT
  remote: git://github.com/spree/spree_auth_devise
  revision: 9417dd85f99e205e0b28b00cb93ef0137171a59f
  branch: 2-1-stable
  specs:
    spree_auth_devise (2.1.0)
      cancan (~> 1.6.7)
      devise (~> 3.0.1)
      devise-encryptable (= 0.1.2)
      spree_backend (~> 2.1.0)
      spree_core (~> 2.1.0)
      spree_frontend (~> 2.1.0)

GIT
  remote: git://github.com/spree/spree_gateway.git
  revision: 04c51e6bd24e1ea70a548dd12934db98032235ec
  branch: 2-1-stable
  specs:
    spree_gateway (2.1.0.beta)
      savon (~> 1.2)
      spree_core (~> 2.1)

GIT
  remote: git://github.com/spree/spree_social_products.git
  revision: d40e4c9a7a36eed14b3afdf025ccd7675918d9be
  branch: 2-1-stable
  specs:
    spree_social_products (2.0)
      spree_core (~> 2.1.0)

GIT
  remote: git://github.com/spree/spree_volume_pricing.git
  revision: db5936ae86b652262dac028e5c27d9836783191c
  branch: 2-1-stable
  specs:
    spree_volume_pricing (3.3.0)
      spree_core (~> 2.1.0)

PATH
  remote: ../better_spree_paypal_express
  specs:
    spree_paypal_express (2.0.3)
      paypal-sdk-merchant (= 1.106.1)
      spree_core (~> 2.1.1)

PATH
  remote: ../spree_address_book
  specs:
    spree_address_book (1.3.0)
      spree_auth_devise
      spree_core (~> 2.1.0)

PATH
  remote: ../spree_contact_us
  specs:
    spree_contact_us (1.1.1)
      recaptcha
      spree_core (~> 2.1)

PATH
  remote: ../spree_custom_products
  specs:
    spree_custom_products (1.3.2)
      bootstrap-sass (~> 2.3.2.0)
      compass-rails
      paperclip
      spree_core (~> 2.1.0)

PATH
  remote: ../spree_email_invoices
  specs:
    spree_email_invoices (0.0.1)
      mail
      spree_core (~> 2.1.0)

PATH
  remote: ../spree_print_invoice
  specs:
    spree_print_invoice (1.0.0)
      prawn (= 0.8.4)
      spree_core (~> 2.1.0)

PATH
  remote: ../spree_reviews_rating
  specs:
    spree_reviews_rating (1.2.0)
      formtastic
      paperclip
      spree

PATH
  remote: ../spree_shipworks
  specs:
    spree_shipworks (1.0.0)
      nokogiri (~> 1.6.0)
      spree (~> 2.1.0)

PATH
  remote: ../spree_uniqteas_theme
  specs:
    spree_uniqteas_theme (1.3.2)
      bootstrap-sass (~> 2.3.2.0)
      compass-rails
      spree_core (~> 2.1.0)

GEM
  remote: https://rubygems.org/
  specs:
    actionmailer (4.0.0)
      actionpack (= 4.0.0)
      mail (~> 2.5.3)
    actionpack (4.0.0)
      activesupport (= 4.0.0)
      builder (~> 3.1.0)
      erubis (~> 2.7.0)
      rack (~> 1.5.2)
      rack-test (~> 0.6.2)
    active_utils (2.0.1)
      activesupport (>= 2.3.11)
      i18n
    activemerchant (1.42.2)
      active_utils (~> 2.0, >= 2.0.1)
      activesupport (>= 2.3.14, < 5.0.0)
      builder (>= 2.1.2, < 4.0.0)
      i18n (~> 0.5)
      json (~> 1.7)
      money (< 7.0.0)
      nokogiri (~> 1.4)
    activemodel (4.0.0)
      activesupport (= 4.0.0)
      builder (~> 3.1.0)
    activerecord (4.0.0)
      activemodel (= 4.0.0)
      activerecord-deprecated_finders (~> 1.0.2)
      activesupport (= 4.0.0)
      arel (~> 4.0.0)
    activerecord-deprecated_finders (1.0.3)
    activesupport (4.0.0)
      i18n (~> 0.6, >= 0.6.4)
      minitest (~> 4.2)
      multi_json (~> 1.3)
      thread_safe (~> 0.1)
      tzinfo (~> 0.3.37)
    acts_as_list (0.2.0)
      activerecord (>= 3.0)
    akami (1.2.0)
      gyoku (>= 0.4.0)
      nokogiri (>= 1.4.0)
    arel (4.0.1)
    atomic (1.1.14)
    awesome_nested_set (3.0.0.rc.2)
      activerecord (~> 4.0.0)
    aws-sdk (1.27.0)
      json (~> 1.4)
      nokogiri (>= 1.4.4)
      uuidtools (~> 2.1)
    bcrypt-ruby (3.1.2-x86-mingw32)
    bootstrap-sass (2.3.2.2)
      sass (~> 3.2)
    builder (3.1.4)
    cancan (1.6.10)
    canonical-rails (0.0.3)
      rails (>= 3.1, < 5.0)
    chunky_png (1.2.9)
    climate_control (0.0.3)
      activesupport (>= 3.0)
    closure-compiler (1.1.10)
    cocaine (0.5.3)
      climate_control (>= 0.0.3, < 1.0)
    coffee-rails (4.0.1)
      coffee-script (>= 2.2.0)
      railties (>= 4.0.0, < 5.0)
    coffee-script (2.2.0)
      coffee-script-source
      execjs
    coffee-script-source (1.6.3)
    colorize (0.6.0)
    compass (0.12.2)
      chunky_png (~> 1.2)
      fssm (>= 0.2.7)
      sass (~> 3.1)
    compass-rails (1.1.2)
      compass (>= 0.12.2)
    dalli (2.6.4)
    datashift (0.13.0)
      rubyzip
      spreadsheet
    datashift_spree (0.5.0)
      datashift (>= 0.12.0)
      mechanize
    deface (1.0.0)
      colorize (>= 0.5.8)
      nokogiri (~> 1.6.0)
      rails (>= 3.1)
    delayed_job (4.0.0)
      activesupport (>= 3.0, < 4.1)
    delayed_job_active_record (4.0.0)
      activerecord (>= 3.0, < 4.1)
      delayed_job (>= 3.0, < 4.1)
    devise (3.0.4)
      bcrypt-ruby (~> 3.0)
      orm_adapter (~> 0.1)
      railties (>= 3.2.6, < 5)
      warden (~> 1.2.3)
    devise-encryptable (0.1.2)
      devise (>= 2.1.0)
    diff-lcs (1.2.5)
    domain_name (0.5.15)
      unf (>= 0.0.5, < 1.0.0)
    erubis (2.7.0)
    execjs (2.0.2)
    ffaker (1.22.1)
    formtastic (2.2.1)
      actionpack (>= 3.0)
    fssm (0.2.10)
    gyoku (0.4.6)
      builder (>= 2.1.2)
    highline (1.6.20)
    hike (1.2.3)
    http-cookie (1.0.2)
      domain_name (~> 0.5)
    httparty (0.12.0)
      json (~> 1.8)
      multi_xml (>= 0.5.2)
    httpi (1.1.1)
      rack
    i18n (0.6.9)
    jquery-rails (3.0.0)
      railties (>= 3.0, < 5.0)
      thor (>= 0.14, < 2.0)
    jquery-ui-rails (4.0.5)
      railties (>= 3.1.0)
    json (1.8.1)
    kaminari (0.14.1)
      actionpack (>= 3.0.0)
      activesupport (>= 3.0.0)
    mail (2.5.4)
      mime-types (~> 1.16)
      treetop (~> 1.4.8)
    mechanize (2.7.2)
      domain_name (~> 0.5, >= 0.5.1)
      http-cookie (~> 1.0.0)
      mime-types (~> 1.17, >= 1.17.2)
      net-http-digest_auth (~> 1.1, >= 1.1.1)
      net-http-persistent (~> 2.5, >= 2.5.2)
      nokogiri (~> 1.4)
      ntlm-http (~> 0.1, >= 0.1.1)
      webrobots (>= 0.0.9, < 0.2)
    memcachier (0.0.2)
    mime-types (1.25.1)
    mini_portile (0.5.2)
    minitest (4.7.5)
    money (5.1.1)
      i18n (~> 0.6.0)
    multi_json (1.8.2)
    multi_xml (0.5.5)
    net-http-digest_auth (1.4)
    net-http-persistent (2.9)
    newrelic_rpm (3.7.0.177)
    nokogiri (1.6.0-x86-mingw32)
      mini_portile (~> 0.5.0)
    nori (1.1.5)
    ntlm-http (0.1.1)
    orm_adapter (0.5.0)
    paperclip (3.4.2)
      activemodel (>= 3.0.0)
      activerecord (>= 3.0.0)
      activesupport (>= 3.0.0)
      cocaine (~> 0.5.0)
      mime-types
    paranoia (2.0.1)
      activerecord (~> 4.0)
    paypal-sdk-core (0.2.6)
      multi_json (~> 1.0)
      xml-simple
    paypal-sdk-merchant (1.106.1)
      paypal-sdk-core (~> 0.2.3)
    pg (0.17.0-x86-mingw32)
    polyamorous (0.6.4)
      activerecord (>= 3.0)
    polyglot (0.3.3)
    prawn (0.8.4)
      prawn-core (>= 0.8.4, < 0.9)
      prawn-layout (>= 0.8.4, < 0.9)
      prawn-security (>= 0.8.4, < 0.9)
    prawn-core (0.8.4)
    prawn-layout (0.8.4)
    prawn-security (0.8.4)
    rabl (0.8.4)
      activesupport (>= 2.3.14)
    rack (1.5.2)
    rack-test (0.6.2)
      rack (>= 1.0)
    rails (4.0.0)
      actionmailer (= 4.0.0)
      actionpack (= 4.0.0)
      activerecord (= 4.0.0)
      activesupport (= 4.0.0)
      bundler (>= 1.3.0, < 2.0)
      railties (= 4.0.0)
      sprockets-rails (~> 2.0.0)
    railties (4.0.0)
      actionpack (= 4.0.0)
      activesupport (= 4.0.0)
      rake (>= 0.8.7)
      thor (>= 0.18.1, < 2.0)
    rake (10.1.0)
    ransack (1.1.0)
      actionpack (>= 3.0)
      activerecord (>= 3.0)
      polyamorous (~> 0.6.0)
    recaptcha (0.3.5)
    rspec-core (2.14.7)
    rspec-expectations (2.14.4)
      diff-lcs (>= 1.1.3, < 2.0)
    rspec-mocks (2.14.4)
    rspec-rails (2.14.0)
      actionpack (>= 3.0)
      activesupport (>= 3.0)
      railties (>= 3.0)
      rspec-core (~> 2.14.0)
      rspec-expectations (~> 2.14.0)
      rspec-mocks (~> 2.14.0)
    ruby-ole (1.2.11.7)
    rubyzip (1.1.0)
    sass (3.2.12)
    sass-rails (4.0.1)
      railties (>= 4.0.0, < 5.0)
      sass (>= 3.1.10)
      sprockets-rails (~> 2.0.0)
    savon (1.2.0)
      akami (~> 1.2.0)
      builder (>= 2.1.2)
      gyoku (~> 0.4.5)
      httpi (~> 1.1.0)
      nokogiri (>= 1.4.0)
      nori (~> 1.1.0)
      wasabi (~> 2.5.0)
    select2-rails (3.4.9)
      sass-rails
      thor (~> 0.14)
    spreadsheet (0.9.6)
      ruby-ole (>= 1.0)
    spree (2.1.3)
      spree_api (= 2.1.3)
      spree_backend (= 2.1.3)
      spree_cmd (= 2.1.3)
      spree_core (= 2.1.3)
      spree_frontend (= 2.1.3)
      spree_sample (= 2.1.3)
    spree_api (2.1.3)
      rabl (= 0.8.4)
      spree_core (= 2.1.3)
      versioncake (~> 1.2.0)
    spree_backend (2.1.3)
      jquery-rails (~> 3.0.0)
      jquery-ui-rails (~> 4.0.0)
      select2-rails (~> 3.4.7)
      spree_api (= 2.1.3)
      spree_core (= 2.1.3)
    spree_cmd (2.1.3)
      thor (~> 0.14)
    spree_core (2.1.3)
      activemerchant (= 1.42.2)
      acts_as_list (= 0.2.0)
      awesome_nested_set (~> 3.0.0.rc.2)
      aws-sdk (= 1.27.0)
      cancan (~> 1.6.10)
      deface (~> 1.0.0)
      ffaker (~> 1.16)
      highline (~> 1.6.18)
      httparty (~> 0.11)
      json (~> 1.7)
      kaminari (~> 0.14.1)
      money (~> 5.1)
      paperclip (~> 3.4.1)
      paranoia (~> 2.0)
      rails (~> 4.0.0)
      ransack (= 1.1.0)
      state_machine (= 1.2.0)
      stringex (~> 1.5.1)
      truncate_html (= 0.9.2)
    spree_frontend (2.1.3)
      canonical-rails
      jquery-rails (~> 3.0.0)
      spree_api (= 2.1.3)
      spree_core (= 2.1.3)
      stringex (~> 1.5.1)
    spree_sample (2.1.3)
      spree_core (= 2.1.3)
    sprockets (2.10.1)
      hike (~> 1.2)
      multi_json (~> 1.0)
      rack (~> 1.0)
      tilt (~> 1.1, != 1.3.0)
    sprockets-rails (2.0.1)
      actionpack (>= 3.0)
      activesupport (>= 3.0)
      sprockets (~> 2.8)
    sqlite3 (1.3.8-x86-mingw32)
    state_machine (1.2.0)
    stringex (1.5.1)
    thor (0.18.1)
    thread_safe (0.1.3)
      atomic
    tilt (1.4.1)
    treetop (1.4.15)
      polyglot
      polyglot (>= 0.3.1)
    truncate_html (0.9.2)
    tzinfo (0.3.38)
    uglifier (2.3.2)
      execjs (>= 0.3.0)
      json (>= 1.8.0)
    unf (0.1.3)
      unf_ext
    unf_ext (0.0.6-x86-mingw32)
    uuidtools (2.1.4)
    versioncake (1.2.0)
      actionpack (>= 3.2)
      activesupport (>= 3.2)
      railties (>= 3.2)
      tzinfo
    warden (1.2.3)
      rack (>= 1.0)
    wasabi (2.5.1)
      httpi (~> 1.0)
      nokogiri (>= 1.4.0)
    webrobots (0.1.1)
    xml-simple (1.1.2)

PLATFORMS
  x86-mingw32

DEPENDENCIES
  active_shipping!
  closure-compiler
  coffee-rails (~> 4.0.0)
  dalli
  datashift (~> 0.13.0)
  datashift_spree (~> 0.5.0)
  delayed_job_active_record
  jquery-rails (= 3.0.0)
  memcachier
  newrelic_rpm
  pg
  rails (= 4.0.0)
  recaptcha
  rspec-rails (= 2.14.0)
  sass-rails
  spree (~> 2.1.0)
  spree_active_shipping!
  spree_address_book!
  spree_auth_devise!
  spree_contact_us!
  spree_custom_products!
  spree_email_invoices!
  spree_gateway!
  spree_paypal_express!
  spree_print_invoice!
  spree_reviews_rating!
  spree_shipworks!
  spree_social_products!
  spree_uniqteas_theme!
  spree_volume_pricing!
  sqlite3
  uglifier (>= 1.0.4)
  unicorn
